PATH
  remote: .
  specs:
    arsi (1.1.1)
      activerecord (>= 5.2.0, < 7.2)
      mysql2

GEM
  remote: https://rubygems.org/
  specs:
    activemodel (6.1.7.1)
      activesupport (= 6.1.7.1)
    activerecord (6.1.7.1)
      activemodel (= 6.1.7.1)
      activesupport (= 6.1.7.1)
    activesupport (6.1.7.1)
      concurrent-ruby (~> 1.0, >= 1.0.2)
      i18n (>= 1.6, < 2)
      minitest (>= 5.1)
      tzinfo (~> 2.0)
      zeitwerk (~> 2.3)
    bump (0.9.0)
    concurrent-ruby (1.2.3)
    i18n (1.14.5)
      concurrent-ruby (~> 1.0)
    maxitest (4.1.0)
      minitest (>= 5.0.0, < 5.15.0)
    minitest (5.14.4)
    mocha (1.11.2)
    mysql2 (0.5.4)
    rake (13.0.1)
    single_cov (1.3.2)
    tzinfo (2.0.6)
      concurrent-ruby (~> 1.0)
    zeitwerk (2.6.14)

PLATFORMS
  ruby

DEPENDENCIES
  activerecord (~> 6.1.7)
  arsi!
  bump
  maxitest
  mocha
  rake
  single_cov

BUNDLED WITH
   2.3.20
