PATH
  remote: .
  specs:
    arsi (0.4.2)
      activerecord (>= 4.2.0, < 6.0)
      arel
      mysql2

GEM
  remote: https://rubygems.org/
  specs:
    activemodel (4.2.11.1)
      activesupport (= 4.2.11.1)
      builder (~> 3.1)
    activerecord (4.2.11.1)
      activemodel (= 4.2.11.1)
      activesupport (= 4.2.11.1)
      arel (~> 6.0)
    activesupport (4.2.11.1)
      i18n (~> 0.7)
      minitest (~> 5.1)
      thread_safe (~> 0.3, >= 0.3.4)
      tzinfo (~> 1.1)
    arel (6.0.4)
    builder (3.2.4)
    bump (0.9.0)
    byebug (11.1.1)
    concurrent-ruby (1.1.6)
    i18n (0.9.5)
      concurrent-ruby (~> 1.0)
    minitest (5.14.0)
    minitest-rg (5.2.0)
      minitest (~> 5.0)
    mocha (1.11.2)
    mysql2 (0.5.3)
    rake (13.0.1)
    single_cov (1.3.2)
    thread_safe (0.3.6)
    tzinfo (1.2.6)
      thread_safe (~> 0.1)
    wwtd (1.4.0)

PLATFORMS
  ruby

DEPENDENCIES
  activerecord (~> 4.2)
  arsi!
  bump
  bundler
  byebug
  minitest
  minitest-rg
  mocha
  rake
  single_cov
  wwtd

BUNDLED WITH
   1.17.3
