PATH
  remote: .
  specs:
    arsi (1.0.0)
      activerecord (>= 5.0.0, < 6.0)
      mysql2

GEM
  remote: https://rubygems.org/
  specs:
    activemodel (5.2.6.2)
      activesupport (= 5.2.6.2)
    activerecord (5.2.6.2)
      activemodel (= 5.2.6.2)
      activesupport (= 5.2.6.2)
      arel (>= 9.0)
    activesupport (5.2.6.2)
      concurrent-ruby (~> 1.0, >= 1.0.2)
      i18n (>= 0.7, < 2)
      minitest (~> 5.1)
      tzinfo (~> 1.1)
    arel (9.0.0)
    bump (0.9.0)
    concurrent-ruby (1.1.9)
    i18n (1.10.0)
      concurrent-ruby (~> 1.0)
    maxitest (4.1.0)
      minitest (>= 5.0.0, < 5.15.0)
    minitest (5.14.4)
    mocha (1.11.2)
    mysql2 (0.5.3)
    rake (13.0.1)
    single_cov (1.3.2)
    thread_safe (0.3.6)
    tzinfo (1.2.9)
      thread_safe (~> 0.1)

PLATFORMS
  ruby

DEPENDENCIES
  activerecord
  arsi!
  bump
  maxitest
  mocha
  rake
  single_cov

BUNDLED WITH
   2.1.4
