PATH
  remote: .
  specs:
    arsi (0.3.0)
      activerecord (>= 4.2.0, < 6.0)
      arel
      mysql2

GEM
  remote: https://rubygems.org/
  specs:
    activemodel (4.2.11.1)
      activesupport (= 4.2.11.1)
      builder (~> 3.1)
    activerecord (4.2.11.1)
      activemodel (= 4.2.11.1)
      activesupport (= 4.2.11.1)
      arel (~> 6.0)
    activesupport (4.2.11.1)
      i18n (~> 0.7)
      minitest (~> 5.1)
      thread_safe (~> 0.3, >= 0.3.4)
      tzinfo (~> 1.1)
    arel (6.0.4)
    builder (3.2.3)
    bump (0.5.0)
    byebug (3.4.0)
      columnize (~> 0.8)
      debugger-linecache (~> 1.2)
      slop (~> 3.6)
    columnize (0.8.9)
    concurrent-ruby (1.1.5)
    debugger-linecache (1.2.0)
    i18n (0.9.5)
      concurrent-ruby (~> 1.0)
    metaclass (0.0.4)
    minitest (5.13.0)
    minitest-rg (5.2.0)
      minitest (~> 5.0)
    mocha (1.1.0)
      metaclass (~> 0.0.1)
    mysql2 (0.5.2)
    rake (10.3.2)
    slop (3.6.0)
    thread_safe (0.3.6)
    tzinfo (1.2.5)
      thread_safe (~> 0.1)
    wwtd (0.5.5)

PLATFORMS
  ruby

DEPENDENCIES
  activerecord (~> 4.2)
  arsi!
  bump
  bundler
  byebug
  minitest
  minitest-rg
  mocha
  rake
  wwtd

BUNDLED WITH
   1.17.3
